PATH
  remote: .
  specs:
    stats_package_syntax_file_generator (1.1.4)

GEM
  remote: http://rubygems.org/
  specs:
    rake (10.1.0)
    test-unit (2.5.5)

PLATFORMS
  java
  ruby

DEPENDENCIES
  bundler
  rake
  stats_package_syntax_file_generator!
  test-unit

BUNDLED WITH
   1.16.1
